GEM
  remote: https://rubygems.org/
  specs:
    atk (4.2.7)
      glib2 (= 4.2.7)
    cairo (1.17.14)
      native-package-installer (>= 1.0.3)
      pkg-config (>= 1.2.2)
      red-colors
    cairo-gobject (4.2.7)
      cairo (>= 1.16.2)
      glib2 (= 4.2.7)
    coderay (1.1.3)
    erubi (1.13.1)
    fiddle (1.1.6)
    forwardable (1.3.3)
    gdk3 (4.2.7)
      cairo-gobject (= 4.2.7)
      gdk_pixbuf2 (= 4.2.7)
      pango (= 4.2.7)
    gdk_pixbuf2 (4.2.7)
      gio2 (= 4.2.7)
    gettext (3.5.1)
      erubi
      locale (>= 2.0.5)
      prime
      racc
      text (>= 1.3.0)
    gio2 (4.2.7)
      fiddle
      gobject-introspection (= 4.2.7)
    glib2 (4.2.7)
      native-package-installer (>= 1.0.3)
      pkg-config (>= 1.3.5)
    gobject-introspection (4.2.7)
      glib2 (= 4.2.7)
    gtk3 (4.2.7)
      atk (= 4.2.7)
      gdk3 (= 4.2.7)
    hikidoc (0.1.0)
    json (2.10.1)
    kramdown (2.5.1)
      rexml (>= 3.3.9)
    kramdown-parser-gfm (1.1.0)
      kramdown (~> 2.0)
    locale (2.1.4)
    matrix (0.4.2)
    native-package-installer (1.1.9)
    nkf (0.2.0)
    nokogiri (1.18.3-aarch64-linux-gnu)
      racc (~> 1.4)
    nokogiri (1.18.3-aarch64-linux-musl)
      racc (~> 1.4)
    nokogiri (1.18.3-arm-linux-gnu)
      racc (~> 1.4)
    nokogiri (1.18.3-arm-linux-musl)
      racc (~> 1.4)
    nokogiri (1.18.3-arm64-darwin)
      racc (~> 1.4)
    nokogiri (1.18.3-x86_64-darwin)
      racc (~> 1.4)
    nokogiri (1.18.3-x86_64-linux-gnu)
      racc (~> 1.4)
    nokogiri (1.18.3-x86_64-linux-musl)
      racc (~> 1.4)
    pango (4.2.7)
      cairo-gobject (= 4.2.7)
      gobject-introspection (= 4.2.7)
    pkg-config (1.5.9)
    poppler (4.2.7)
      cairo-gobject (= 4.2.7)
      gio2 (= 4.2.7)
    prime (0.1.3)
      forwardable
      singleton
    rabbit (3.0.3)
      coderay (>= 1.0.0)
      gdk_pixbuf2 (>= 3.0.9)
      gettext (>= 3.0.1)
      gtk3
      hikidoc
      kramdown-parser-gfm
      nokogiri
      poppler (>= 3.2.5)
      rdtool
      rouge
      rsvg2 (>= 3.1.4)
      rttool
    racc (1.8.1)
    rake (13.2.1)
    rdtool (0.6.38)
    red-colors (0.4.0)
      json
      matrix
    rexml (3.4.1)
    rouge (4.5.1)
    rsvg2 (4.2.7)
      cairo-gobject (= 4.2.7)
      gdk_pixbuf2 (= 4.2.7)
    rttool (1.0.3.0)
    singleton (0.3.0)
    text (1.3.1)

PLATFORMS
  aarch64-linux-gnu
  aarch64-linux-musl
  arm-linux-gnu
  arm-linux-musl
  arm64-darwin
  x86_64-darwin
  x86_64-linux-gnu
  x86_64-linux-musl

DEPENDENCIES
  nkf
  rabbit
  rake

BUNDLED WITH
   2.6.2
